PATH
  remote: .
  specs:
    paperless (0.2.3)
      gli (~> 2.5, >= 2.5.4)
      markdown (~> 1.1, >= 1.1.1)
      pdf-reader (~> 1.3, >= 1.3.3)
      rb-appscript (~> 0.6, >= 0.6.1)

GEM
  remote: https://rubygems.org/
  specs:
    Ascii85 (1.0.2)
    afm (0.2.0)
    aruba (0.5.3)
      childprocess (>= 0.3.6)
      cucumber (>= 1.1.1)
      rspec-expectations (>= 2.7.0)
    awesome_print (1.1.0)
    builder (3.2.2)
    childprocess (0.3.9)
      ffi (~> 1.0, >= 1.0.11)
    coderay (1.1.0)
    cucumber (1.3.10)
      builder (>= 2.1.2)
      diff-lcs (>= 1.1.3)
      gherkin (~> 2.12)
      multi_json (>= 1.7.5, < 2.0)
      multi_test (>= 0.0.2)
    diff-lcs (1.2.5)
    ffi (1.9.3)
    gherkin (2.12.2)
      multi_json (~> 1.3)
    gli (2.8.1)
    hashery (2.1.1)
    kramdown (1.3.0)
    logutils (0.6.0)
    markdown (1.1.1)
      kramdown (>= 1.0.2)
      props (>= 1.0.0)
      textutils (>= 0.6.4)
    method_source (0.8.2)
    multi_json (1.8.2)
    multi_test (0.0.3)
    pdf-reader (1.3.3)
      Ascii85 (~> 1.0.0)
      afm (~> 0.2.0)
      hashery (~> 2.0)
      ruby-rc4
      ttfunk
    props (1.0.3)
    pry (0.9.12.4)
      coderay (~> 1.0)
      method_source (~> 0.8)
      slop (~> 3.4)
    pry-awesome_print (9.6.8)
      awesome_print (~> 1.1.0)
      pry (~> 0.9.0)
    rake (10.1.1)
    rb-appscript (0.6.1)
    rdoc (4.1.0)
    rspec-expectations (2.14.4)
      diff-lcs (>= 1.1.3, < 2.0)
    ruby-rc4 (0.1.5)
    slop (3.4.7)
    textutils (0.7.1)
      logutils (~> 0.5)
    ttfunk (1.0.3)

PLATFORMS
  ruby

DEPENDENCIES
  aruba (~> 0.5.3)
  paperless!
  pry (~> 0.9.12.4)
  pry-awesome_print (~> 9.6.8)
  rake (~> 10.1, >= 10.1.0)
  rdoc (~> 4.1, >= 4.1.0)
